PATH
  remote: .
  specs:
    orange_shoes (0.0.0)

GEM
  remote: http://rubygems.org/
  specs:

PLATFORMS
  ruby

DEPENDENCIES
  bundler (>= 1.0.0)
  orange_shoes!
